GEM
  remote: https://rubygems.org/
  specs:
    coderay (1.1.2)
    csv (3.0.0)
    json (2.3.0)
    method_source (0.9.2)
    pry (0.12.2)
      coderay (~> 1.1.0)
      method_source (~> 0.9.0)

PLATFORMS
  ruby

DEPENDENCIES
  csv
  json
  pry

RUBY VERSION
   ruby 3.2.2p53

BUNDLED WITH
   2.4.12
