GEM
  remote: https://rubygems.org/
  specs:
    coderay (1.1.3)
    csv (3.3.0)
    json (2.7.2)
    method_source (1.1.0)
    pry (0.14.2)
      coderay (~> 1.1)
      method_source (~> 1.0)

PLATFORMS
  ruby

DEPENDENCIES
  csv
  json
  pry

BUNDLED WITH
   2.5.10
